GEM
  remote: https://rubygems.org/
  specs:
    image_size (2.0.2)
    md2review (1.12.1)
      redcarpet (> 2.0.0)
    rake (13.0.1)
    redcarpet (3.5.1)
    review (3.2.0)
      image_size
      rouge
      rubyzip
    rouge (3.14.0)
    rubyzip (2.0.0)

PLATFORMS
  ruby

DEPENDENCIES
  md2review
  rake
  review (= 3.2.0)

BUNDLED WITH
   2.1.2
